GEM
  remote: https://rubygems.org/
  specs:
    minitest (5.16.3)
    ruby2d (0.11.3)

PLATFORMS
  ruby
  x64-mingw-ucrt

DEPENDENCIES
  minitest
  ruby2d

BUNDLED WITH
   2.3.22
